PATH
  remote: .
  specs:
    delayed_job_mongo_mapper (1.0.9)
      delayed_job (>= 3.0, < 5)
      mongo_mapper

GEM
  remote: http://rubygems.org/
  specs:
    activesupport (5.2.3)
      concurrent-ruby (~> 1.0, >= 1.0.2)
      i18n (>= 0.7, < 2)
      minitest (~> 5.1)
      tzinfo (~> 1.1)
    bson (1.6.0)
    bson_ext (1.6.0)
      bson (= 1.6.0)
    concurrent-ruby (1.1.5)
    delayed_job (4.1.8)
      activesupport (>= 3.0, < 6.1)
    diff-lcs (1.1.3)
    i18n (1.6.0)
      concurrent-ruby (~> 1.0)
    jnunemaker-validatable (1.8.4)
      activesupport (>= 2.3.4)
    minitest (5.11.3)
    mongo (1.6.0)
      bson (= 1.6.0)
    mongo_mapper (0.8.6)
      activesupport (>= 2.3.4)
      jnunemaker-validatable (~> 1.8.4)
      plucky (~> 0.3.6)
    plucky (0.3.8)
      mongo (~> 1.3)
    rake (0.9.2.2)
    rspec (2.8.0)
      rspec-core (~> 2.8.0)
      rspec-expectations (~> 2.8.0)
      rspec-mocks (~> 2.8.0)
    rspec-core (2.8.0)
    rspec-expectations (2.8.0)
      diff-lcs (~> 1.1.2)
    rspec-mocks (2.8.0)
    thread_safe (0.3.6)
    tzinfo (1.2.5)
      thread_safe (~> 0.1)

PLATFORMS
  ruby

DEPENDENCIES
  bson_ext (>= 1.4.0)
  delayed_job_mongo_mapper!
  rake
  rspec

BUNDLED WITH
   1.17.3
