PATH
  remote: .
  specs:
    delayed_job_mongo_mapper (1.0.9)
      activesupport (>= 3.2, < 4.2)
      delayed_job (>= 3.0, < 5)
      mongo_mapper (>= 0.13.1)
      tzinfo

GEM
  remote: http://rubygems.org/
  specs:
    activemodel (4.1.16)
      activesupport (= 4.1.16)
      builder (~> 3.1)
    activesupport (4.1.16)
      i18n (~> 0.6, >= 0.6.9)
      json (~> 1.7, >= 1.7.7)
      minitest (~> 5.1)
      thread_safe (~> 0.1)
      tzinfo (~> 1.1)
    bson (1.12.5)
    bson_ext (1.12.5)
      bson (~> 1.12.5)
    builder (3.2.3)
    concurrent-ruby (1.1.5)
    delayed_job (4.1.8)
      activesupport (>= 3.0, < 6.1)
    diff-lcs (1.3)
    i18n (0.9.5)
      concurrent-ruby (~> 1.0)
    json (1.8.6)
    minitest (5.11.3)
    mongo (1.12.5)
      bson (= 1.12.5)
    mongo_mapper (0.14.0)
      activemodel (>= 3.0.0)
      activesupport (>= 3.0)
      mongo (~> 1.8)
      plucky (~> 0.7.0)
    plucky (0.7.0)
      mongo (~> 1.5)
    rake (12.3.3)
    rspec (3.8.0)
      rspec-core (~> 3.8.0)
      rspec-expectations (~> 3.8.0)
      rspec-mocks (~> 3.8.0)
    rspec-core (3.8.2)
      rspec-support (~> 3.8.0)
    rspec-expectations (3.8.4)
      diff-lcs (>= 1.2.0, < 2.0)
      rspec-support (~> 3.8.0)
    rspec-mocks (3.8.1)
      diff-lcs (>= 1.2.0, < 2.0)
      rspec-support (~> 3.8.0)
    rspec-support (3.8.2)
    thread_safe (0.3.6)
    tzinfo (1.2.5)
      thread_safe (~> 0.1)

PLATFORMS
  ruby

DEPENDENCIES
  bson_ext (>= 1.4.0)
  delayed_job_mongo_mapper!
  rake
  rspec

BUNDLED WITH
   1.17.3
